GEM
  remote: https://rubygems.org/
  specs:
    cloudflare (2.0.3)
      json (~> 1)
    json (1.8.3)

PLATFORMS
  ruby

DEPENDENCIES
  cloudflare

BUNDLED WITH
   1.11.2
